PATH
  remote: .
  specs:
    app-tools (1.0.2)
      CFPropertyList (~> 2.3)
      methadone (~> 1.9)
      rubyzip (~> 1.1)
      spaceship (~> 0.19)

GEM
  remote: https://rubygems.org/
  specs:
    CFPropertyList (2.3.2)
    addressable (2.3.8)
    code-tools (5.0.0)
      methadone (~> 1.9)
      nokogiri (~> 1.6)
      tzinfo (~> 1.2)
    coderay (1.1.0)
    colored (1.2)
    credentials_manager (0.10.0)
      colored
      highline (>= 1.7.1)
      security
    domain_name (0.5.25)
      unf (>= 0.0.5, < 1.0.0)
    faraday (0.9.2)
      multipart-post (>= 1.2, < 3)
    faraday-cookie_jar (0.0.6)
      faraday (>= 0.7.4)
      http-cookie (~> 1.0.0)
    faraday_middleware (0.10.0)
      faraday (>= 0.7.4, < 0.10)
    fastimage (1.6.8)
      addressable (~> 2.3, >= 2.3.5)
    highline (1.7.8)
    http-cookie (1.0.2)
      domain_name (~> 0.5)
    methadone (1.9.2)
      bundler
    method_source (0.8.2)
    mini_portile2 (2.0.0)
    multi_xml (0.5.5)
    multipart-post (2.0.0)
    nokogiri (1.6.7.1)
      mini_portile2 (~> 2.0.0.rc2)
    plist (3.1.0)
    pry (0.10.3)
      coderay (~> 1.1.0)
      method_source (~> 0.8.1)
      slop (~> 3.4)
    rake (10.4.2)
    rubyzip (1.1.7)
    security (0.1.3)
    slop (3.6.0)
    spaceship (0.19.4)
      colored
      credentials_manager (>= 0.9.0)
      faraday (~> 0.9)
      faraday-cookie_jar (~> 0.0.6)
      faraday_middleware (~> 0.9)
      fastimage (~> 1.6)
      multi_xml (~> 0.5)
      plist (~> 3.1)
      pry
    thread_safe (0.3.5)
    tzinfo (1.2.2)
      thread_safe (~> 0.1)
    unf (0.1.4)
      unf_ext
    unf_ext (0.0.7.1)

PLATFORMS
  ruby

DEPENDENCIES
  app-tools!
  bundler (~> 1.10)
  code-tools (~> 5.0)
  rake (~> 10.0)

BUNDLED WITH
   1.10.6
