PATH
  remote: .
  specs:
    app-tools (1.0.0)
      methadone (~> 1.9.2)

GEM
  remote: https://rubygems.org/
  specs:
    code-tools (5.0.0)
      methadone (~> 1.9)
      nokogiri (~> 1.6)
      tzinfo (~> 1.2)
    methadone (1.9.2)
      bundler
    mini_portile2 (2.0.0)
    nokogiri (1.6.7.1)
      mini_portile2 (~> 2.0.0.rc2)
    rake (10.4.2)
    thread_safe (0.3.5)
    tzinfo (1.2.2)
      thread_safe (~> 0.1)

PLATFORMS
  ruby

DEPENDENCIES
  app-tools!
  bundler (~> 1.10)
  code-tools (~> 5.0.0)
  rake (~> 10.0)

BUNDLED WITH
   1.10.6
